GEM
  remote: https://rubygems.org/
  specs:
    CFPropertyList (3.0.0)
    activesupport (4.2.11.1)
      i18n (~> 0.7)
      minitest (~> 5.1)
      thread_safe (~> 0.3, >= 0.3.4)
      tzinfo (~> 1.1)
    addressable (2.7.0)
      public_suffix (>= 2.0.2, < 5.0)
    atomos (0.1.3)
    claide (1.0.2)
    claide-plugins (0.9.2)
      cork
      nap
      open4 (~> 1.3)
    clamp (1.3.0)
    colored2 (3.1.2)
    concurrent-ruby (1.1.5)
    cork (0.3.0)
      colored2 (~> 3.1)
    danger (6.2.2)
      claide (~> 1.0)
      claide-plugins (>= 0.9.2)
      colored2 (~> 3.1)
      cork (~> 0.1)
      faraday (~> 0.9)
      faraday-http-cache (~> 2.0)
      git (~> 1.6)
      kramdown (~> 2.0)
      kramdown-parser-gfm (~> 1.0)
      no_proxy_fix
      octokit (~> 4.7)
      terminal-table (~> 1)
    faraday (0.17.3)
      multipart-post (>= 1.2, < 3)
    faraday-http-cache (2.0.0)
      faraday (~> 0.8)
    git (1.6.0)
      rchardet (~> 1.8)
    i18n (0.9.5)
      concurrent-ruby (~> 1.0)
    kramdown (2.1.0)
    kramdown-parser-gfm (1.1.0)
      kramdown (~> 2.0)
    mini_portile2 (2.4.0)
    minitest (5.11.3)
    multipart-post (2.1.1)
    nanaimo (0.2.6)
    nap (1.1.0)
    no_proxy_fix (0.1.2)
    nokogiri (1.10.8)
      mini_portile2 (~> 2.4.0)
    octokit (4.16.0)
      faraday (>= 0.9)
      sawyer (~> 0.8.0, >= 0.5.3)
    open4 (1.3.4)
    public_suffix (4.0.3)
    rchardet (1.8.0)
    sawyer (0.8.2)
      addressable (>= 2.3.5)
      faraday (> 0.8, < 2.0)
    slather (2.4.7)
      CFPropertyList (>= 2.2, < 4)
      activesupport (>= 4.0.2, < 5)
      clamp (~> 1.3)
      nokogiri (~> 1.8)
      xcodeproj (~> 1.7)
    terminal-table (1.8.0)
      unicode-display_width (~> 1.1, >= 1.1.1)
    thread_safe (0.3.6)
    tzinfo (1.2.5)
      thread_safe (~> 0.1)
    unicode-display_width (1.6.1)
    xcodeproj (1.8.2)
      CFPropertyList (>= 2.3.3, < 4.0)
      atomos (~> 0.1.3)
      claide (>= 1.0.2, < 2.0)
      colored2 (~> 3.1)
      nanaimo (~> 0.2.6)

PLATFORMS
  ruby

DEPENDENCIES
  danger
  slather

BUNDLED WITH
   2.0.1
